GEM
  remote: http://rubygems.org/
  specs:
    ZenTest (4.6.1)
    abstract (1.0.0)
    actionmailer (3.0.7)
      actionpack (= 3.0.7)
      mail (~> 2.2.15)
    actionpack (3.0.7)
      activemodel (= 3.0.7)
      activesupport (= 3.0.7)
      builder (~> 2.1.2)
      erubis (~> 2.6.6)
      i18n (~> 0.5.0)
      rack (~> 1.2.1)
      rack-mount (~> 0.6.14)
      rack-test (~> 0.5.7)
      tzinfo (~> 0.3.23)
    activeadmin (0.2.2)
      devise (>= 1.1.2)
      formtastic (>= 1.1.0)
      inherited_views
      meta_search (>= 0.9.2)
      rails (>= 3.0.0)
      sass (>= 3.1.0)
      will_paginate (>= 3.0.pre2)
    activemodel (3.0.7)
      activesupport (= 3.0.7)
      builder (~> 2.1.2)
      i18n (~> 0.5.0)
    activerecord (3.0.7)
      activemodel (= 3.0.7)
      activesupport (= 3.0.7)
      arel (~> 2.0.2)
      tzinfo (~> 0.3.23)
    activerecord-import (0.2.8)
      activerecord (~> 3.0pre)
      activerecord (~> 3.0pre)
    activeresource (3.0.7)
      activemodel (= 3.0.7)
      activesupport (= 3.0.7)
    activesupport (3.0.7)
    addressable (2.2.6)
    arel (2.0.10)
    autotest-fsevent (0.2.5)
      sys-uname
    autotest-rails (4.1.0)
      ZenTest
    aws-s3 (0.6.2)
      builder
      mime-types
      xml-simple
    bcrypt-ruby (2.1.4)
    builder (2.1.2)
    capistrano (2.8.0)
      highline
      net-scp (>= 1.0.0)
      net-sftp (>= 2.0.0)
      net-ssh (>= 2.0.14)
      net-ssh-gateway (>= 1.1.0)
    capistrano-ext (1.2.1)
      capistrano (>= 1.0.0)
    cocaine (0.2.0)
    devise (1.4.2)
      bcrypt-ruby (~> 2.1.2)
      orm_adapter (~> 0.0.3)
      warden (~> 1.0.3)
    erubis (2.6.6)
      abstract (>= 1.0.0)
    factory_girl (1.3.3)
    factory_girl_rails (1.0.1)
      factory_girl (~> 1.3)
      railties (>= 3.0.0)
    fakeweb (1.3.0)
    faraday (0.6.1)
      addressable (~> 2.2.4)
      multipart-post (~> 1.1.0)
      rack (< 2, >= 1.1.0)
    faraday-stack (0.1.3)
      faraday (~> 0.6)
    faraday_middleware (0.6.5)
      faraday (~> 0.6.0)
    ffaker (1.8.0)
    formtastic (1.2.4)
      actionpack (>= 2.3.7)
      activesupport (>= 2.3.7)
      i18n (~> 0.4)
    geokit (1.6.0)
    haml (3.1.2)
    haml-rails (0.3.4)
      actionpack (~> 3.0)
      activesupport (~> 3.0)
      haml (~> 3.0)
      railties (~> 3.0)
    has_scope (0.5.1)
    hashie (1.0.0)
    highline (1.6.2)
    hoptoad_notifier (2.4.11)
      activesupport
      builder
    htmlentities (4.3.0)
    i18n (0.5.0)
    indextank (1.0.12)
      faraday-stack
      yajl-ruby (>= 0.7.7)
    inherited_resources (1.2.2)
      has_scope (~> 0.5.0)
      responders (~> 0.6.0)
    inherited_views (0.0.2)
      formtastic (>= 0.9.8)
      inherited_resources (>= 1.0.6)
      will_paginate (>= 2.3.12)
    json (1.5.3)
    kgio (2.6.0)
    koala (1.1.0)
      multi_json (~> 1.0)
      multipart-post (~> 1.0)
    mail (2.2.19)
      activesupport (>= 2.3.6)
      i18n (>= 0.4.0)
      mime-types (~> 1.16)
      treetop (~> 1.4.8)
    meta_search (1.0.6)
      actionpack (~> 3.0.2)
      activerecord (~> 3.0.2)
      activesupport (~> 3.0.2)
      arel (~> 2.0.2)
    mime-types (1.16)
    mocha (0.9.12)
    multi_json (1.0.3)
    multi_xml (0.2.2)
    multipart-post (1.1.3)
    mysql2 (0.2.13)
    net-scp (1.0.4)
      net-ssh (>= 1.99.1)
    net-sftp (2.0.5)
      net-ssh (>= 2.0.9)
    net-ssh (2.2.0)
    net-ssh-gateway (1.1.0)
      net-ssh (>= 1.99.1)
    newrelic_rpm (3.1.1)
    orm_adapter (0.0.5)
    paperclip (2.3.16)
      activerecord (>= 2.3.0)
      activesupport (>= 2.3.2)
      cocaine (>= 0.0.2)
      mime-types
    polyglot (0.3.2)
    postmark (0.9.8)
    postmark-rails (0.4.0)
    rack (1.2.3)
    rack-mount (0.6.14)
      rack (>= 1.0.0)
    rack-test (0.5.7)
      rack (>= 1.0)
    rails (3.0.7)
      actionmailer (= 3.0.7)
      actionpack (= 3.0.7)
      activerecord (= 3.0.7)
      activeresource (= 3.0.7)
      activesupport (= 3.0.7)
      bundler (~> 1.0)
      railties (= 3.0.7)
    rails3-generators (0.17.4)
      railties (>= 3.0.0)
    railties (3.0.7)
      actionpack (= 3.0.7)
      activesupport (= 3.0.7)
      rake (>= 0.8.7)
      thor (~> 0.14.4)
    raindrops (0.7.0)
    rake (0.8.7)
    redis (2.2.2)
    redis-namespace (1.0.3)
      redis (< 3.0.0)
    responders (0.6.4)
    resque (1.18.2)
      multi_json (~> 1.0)
      redis-namespace (~> 1.0.2)
      sinatra (>= 0.9.2)
      vegas (~> 0.1.2)
    resque-pool (0.2.0)
      rake
      resque (~> 1.13)
      trollop (~> 1.16)
    resque_unit (0.4.0)
      json (>= 1.4.6)
    rmagick (2.13.1)
    sass (3.1.7)
    simple_form (1.4.2)
      actionpack (~> 3.0)
      activemodel (~> 3.0)
    simple_oauth (0.1.5)
    sinatra (1.2.6)
      rack (~> 1.1)
      tilt (>= 1.2.2, < 2.0)
    sys-uname (0.8.5)
    thor (0.14.6)
    tilt (1.3.2)
    treetop (1.4.10)
      polyglot
      polyglot (>= 0.3.1)
    trollop (1.16.2)
    twitter (1.6.0)
      faraday (~> 0.6.1)
      faraday_middleware (~> 0.6.3)
      hashie (~> 1.0.0)
      multi_json (~> 1.0.0)
      multi_xml (~> 0.2.0)
      simple_oauth (~> 0.1.5)
    tzinfo (0.3.29)
    unicorn (4.1.0)
      kgio (~> 2.4)
      rack
      raindrops (~> 0.6)
    vegas (0.1.8)
      rack (>= 1.0.0)
    warden (1.0.5)
      rack (>= 1.0)
    will_paginate (3.0.0)
    wirble (0.1.3)
    xml-simple (1.1.0)
    yajl-ruby (0.8.3)

PLATFORMS
  ruby

DEPENDENCIES
  ZenTest
  activeadmin
  activerecord-import
  autotest-fsevent
  autotest-rails
  aws-s3
  bcrypt-ruby
  capistrano
  capistrano-ext
  factory_girl_rails (= 1.0.1)
  fakeweb
  ffaker
  geokit
  haml-rails
  hoptoad_notifier
  htmlentities
  indextank
  koala
  mocha
  mysql2 (~> 0.2.7)
  newrelic_rpm
  paperclip
  postmark
  postmark-rails (= 0.4.0)
  rails (= 3.0.7)
  rails3-generators
  rake (= 0.8.7)
  resque
  resque-pool
  resque_unit
  rmagick
  simple_form
  twitter (= 1.6.0)
  unicorn
  wirble
